STORAGE: NONE
RESTRICTION: == net8.0
NUGET
  remote: https://api.nuget.org/v3/index.json
    Castle.Core (5.2.1)
      System.Diagnostics.EventLog (>= 6.0)
    FluentValidation (12.0)
    Hocon (2.0.4)
      NETStandard.Library (>= 1.6.1)
    Hocon.Extensions.Configuration (2.0.4)
      Hocon (>= 2.0.4)
      Microsoft.Extensions.Configuration.FileExtensions (>= 3.1.4)
    MediatR (13.0)
      MediatR.Contracts (>= 2.0.1 < 3.0)
      Microsoft.Extensions.DependencyInjection.Abstractions (>= 8.0)
      Microsoft.Extensions.Logging (>= 8.0)
      Microsoft.IdentityModel.JsonWebTokens (>= 8.0.1)
    MediatR.Contracts (2.0.1)
    Microsoft.EntityFrameworkCore (9.0.8)
      Microsoft.EntityFrameworkCore.Abstractions (>= 9.0.8)
      Microsoft.EntityFrameworkCore.Analyzers (>= 9.0.8)
      Microsoft.Extensions.Caching.Memory (>= 9.0.8)
      Microsoft.Extensions.Logging (>= 9.0.8)
    Microsoft.EntityFrameworkCore.Abstractions (9.0.8)
    Microsoft.EntityFrameworkCore.Analyzers (9.0.8)
    Microsoft.EntityFrameworkCore.Proxies (9.0.8)
      Castle.Core (>= 5.1.1)
      Microsoft.EntityFrameworkCore (>= 9.0.8)
      Microsoft.Extensions.Caching.Memory (>= 9.0.8)
      Microsoft.Extensions.Logging (>= 9.0.8)
    Microsoft.EntityFrameworkCore.Relational (9.0.8)
      Microsoft.EntityFrameworkCore (>= 9.0.8)
      Microsoft.Extensions.Caching.Memory (>= 9.0.8)
      Microsoft.Extensions.Configuration.Abstractions (>= 9.0.8)
      Microsoft.Extensions.Logging (>= 9.0.8)
    Microsoft.Extensions.Caching.Abstractions (9.0.8)
      Microsoft.Extensions.Primitives (>= 9.0.8)
    Microsoft.Extensions.Caching.Memory (9.0.8)
      Microsoft.Extensions.Caching.Abstractions (>= 9.0.8)
      Microsoft.Extensions.DependencyInjection.Abstractions (>= 9.0.8)
      Microsoft.Extensions.Logging.Abstractions (>= 9.0.8)
      Microsoft.Extensions.Options (>= 9.0.8)
      Microsoft.Extensions.Primitives (>= 9.0.8)
    Microsoft.Extensions.Configuration (9.0.8)
      Microsoft.Extensions.Configuration.Abstractions (>= 9.0.8)
      Microsoft.Extensions.Primitives (>= 9.0.8)
    Microsoft.Extensions.Configuration.Abstractions (9.0.8)
      Microsoft.Extensions.Primitives (>= 9.0.8)
    Microsoft.Extensions.Configuration.Binder (9.0.8)
      Microsoft.Extensions.Configuration.Abstractions (>= 9.0.8)
    Microsoft.Extensions.Configuration.CommandLine (9.0.8)
      Microsoft.Extensions.Configuration (>= 9.0.8)
      Microsoft.Extensions.Configuration.Abstractions (>= 9.0.8)
    Microsoft.Extensions.Configuration.EnvironmentVariables (9.0.8)
      Microsoft.Extensions.Configuration (>= 9.0.8)
      Microsoft.Extensions.Configuration.Abstractions (>= 9.0.8)
    Microsoft.Extensions.Configuration.FileExtensions (9.0.8)
      Microsoft.Extensions.Configuration (>= 9.0.8)
      Microsoft.Extensions.Configuration.Abstractions (>= 9.0.8)
      Microsoft.Extensions.FileProviders.Abstractions (>= 9.0.8)
      Microsoft.Extensions.FileProviders.Physical (>= 9.0.8)
      Microsoft.Extensions.Primitives (>= 9.0.8)
    Microsoft.Extensions.Configuration.Json (9.0.8)
      Microsoft.Extensions.Configuration (>= 9.0.8)
      Microsoft.Extensions.Configuration.Abstractions (>= 9.0.8)
      Microsoft.Extensions.Configuration.FileExtensions (>= 9.0.8)
      Microsoft.Extensions.FileProviders.Abstractions (>= 9.0.8)
      System.Text.Json (>= 9.0.8)
    Microsoft.Extensions.Configuration.UserSecrets (9.0.8)
      Microsoft.Extensions.Configuration.Abstractions (>= 9.0.8)
      Microsoft.Extensions.Configuration.Json (>= 9.0.8)
      Microsoft.Extensions.FileProviders.Abstractions (>= 9.0.8)
      Microsoft.Extensions.FileProviders.Physical (>= 9.0.8)
    Microsoft.Extensions.DependencyInjection (9.0.8)
      Microsoft.Extensions.DependencyInjection.Abstractions (>= 9.0.8)
    Microsoft.Extensions.DependencyInjection.Abstractions (9.0.8)
    Microsoft.Extensions.Diagnostics (9.0.8)
      Microsoft.Extensions.Configuration (>= 9.0.8)
      Microsoft.Extensions.Diagnostics.Abstractions (>= 9.0.8)
      Microsoft.Extensions.Options.ConfigurationExtensions (>= 9.0.8)
    Microsoft.Extensions.Diagnostics.Abstractions (9.0.8)
      Microsoft.Extensions.DependencyInjection.Abstractions (>= 9.0.8)
      Microsoft.Extensions.Options (>= 9.0.8)
      System.Diagnostics.DiagnosticSource (>= 9.0.8)
    Microsoft.Extensions.FileProviders.Abstractions (9.0.8)
      Microsoft.Extensions.Primitives (>= 9.0.8)
    Microsoft.Extensions.FileProviders.Physical (9.0.8)
      Microsoft.Extensions.FileProviders.Abstractions (>= 9.0.8)
      Microsoft.Extensions.FileSystemGlobbing (>= 9.0.8)
      Microsoft.Extensions.Primitives (>= 9.0.8)
    Microsoft.Extensions.FileSystemGlobbing (9.0.8)
    Microsoft.Extensions.Hosting (9.0.8)
      Microsoft.Extensions.Configuration (>= 9.0.8)
      Microsoft.Extensions.Configuration.Abstractions (>= 9.0.8)
      Microsoft.Extensions.Configuration.Binder (>= 9.0.8)
      Microsoft.Extensions.Configuration.CommandLine (>= 9.0.8)
      Microsoft.Extensions.Configuration.EnvironmentVariables (>= 9.0.8)
      Microsoft.Extensions.Configuration.FileExtensions (>= 9.0.8)
      Microsoft.Extensions.Configuration.Json (>= 9.0.8)
      Microsoft.Extensions.Configuration.UserSecrets (>= 9.0.8)
      Microsoft.Extensions.DependencyInjection (>= 9.0.8)
      Microsoft.Extensions.DependencyInjection.Abstractions (>= 9.0.8)
      Microsoft.Extensions.Diagnostics (>= 9.0.8)
      Microsoft.Extensions.FileProviders.Abstractions (>= 9.0.8)
      Microsoft.Extensions.FileProviders.Physical (>= 9.0.8)
      Microsoft.Extensions.Hosting.Abstractions (>= 9.0.8)
      Microsoft.Extensions.Logging (>= 9.0.8)
      Microsoft.Extensions.Logging.Abstractions (>= 9.0.8)
      Microsoft.Extensions.Logging.Configuration (>= 9.0.8)
      Microsoft.Extensions.Logging.Console (>= 9.0.8)
      Microsoft.Extensions.Logging.Debug (>= 9.0.8)
      Microsoft.Extensions.Logging.EventLog (>= 9.0.8)
      Microsoft.Extensions.Logging.EventSource (>= 9.0.8)
      Microsoft.Extensions.Options (>= 9.0.8)
    Microsoft.Extensions.Hosting.Abstractions (9.0.8)
      Microsoft.Extensions.Configuration.Abstractions (>= 9.0.8)
      Microsoft.Extensions.DependencyInjection.Abstractions (>= 9.0.8)
      Microsoft.Extensions.Diagnostics.Abstractions (>= 9.0.8)
      Microsoft.Extensions.FileProviders.Abstractions (>= 9.0.8)
      Microsoft.Extensions.Logging.Abstractions (>= 9.0.8)
    Microsoft.Extensions.Logging (9.0.8)
      Microsoft.Extensions.DependencyInjection (>= 9.0.8)
      Microsoft.Extensions.Logging.Abstractions (>= 9.0.8)
      Microsoft.Extensions.Options (>= 9.0.8)
    Microsoft.Extensions.Logging.Abstractions (9.0.8)
      Microsoft.Extensions.DependencyInjection.Abstractions (>= 9.0.8)
      System.Diagnostics.DiagnosticSource (>= 9.0.8)
    Microsoft.Extensions.Logging.Configuration (9.0.8)
      Microsoft.Extensions.Configuration (>= 9.0.8)
      Microsoft.Extensions.Configuration.Abstractions (>= 9.0.8)
      Microsoft.Extensions.Configuration.Binder (>= 9.0.8)
      Microsoft.Extensions.DependencyInjection.Abstractions (>= 9.0.8)
      Microsoft.Extensions.Logging (>= 9.0.8)
      Microsoft.Extensions.Logging.Abstractions (>= 9.0.8)
      Microsoft.Extensions.Options (>= 9.0.8)
      Microsoft.Extensions.Options.ConfigurationExtensions (>= 9.0.8)
    Microsoft.Extensions.Logging.Console (9.0.8)
      Microsoft.Extensions.DependencyInjection.Abstractions (>= 9.0.8)
      Microsoft.Extensions.Logging (>= 9.0.8)
      Microsoft.Extensions.Logging.Abstractions (>= 9.0.8)
      Microsoft.Extensions.Logging.Configuration (>= 9.0.8)
      Microsoft.Extensions.Options (>= 9.0.8)
      System.Text.Json (>= 9.0.8)
    Microsoft.Extensions.Logging.Debug (9.0.8)
      Microsoft.Extensions.DependencyInjection.Abstractions (>= 9.0.8)
      Microsoft.Extensions.Logging (>= 9.0.8)
      Microsoft.Extensions.Logging.Abstractions (>= 9.0.8)
    Microsoft.Extensions.Logging.EventLog (9.0.8)
      Microsoft.Extensions.DependencyInjection.Abstractions (>= 9.0.8)
      Microsoft.Extensions.Logging (>= 9.0.8)
      Microsoft.Extensions.Logging.Abstractions (>= 9.0.8)
      Microsoft.Extensions.Options (>= 9.0.8)
      System.Diagnostics.EventLog (>= 9.0.8)
    Microsoft.Extensions.Logging.EventSource (9.0.8)
      Microsoft.Extensions.DependencyInjection.Abstractions (>= 9.0.8)
      Microsoft.Extensions.Logging (>= 9.0.8)
      Microsoft.Extensions.Logging.Abstractions (>= 9.0.8)
      Microsoft.Extensions.Options (>= 9.0.8)
      Microsoft.Extensions.Primitives (>= 9.0.8)
      System.Text.Json (>= 9.0.8)
    Microsoft.Extensions.Options (9.0.8)
      Microsoft.Extensions.DependencyInjection.Abstractions (>= 9.0.8)
      Microsoft.Extensions.Primitives (>= 9.0.8)
    Microsoft.Extensions.Options.ConfigurationExtensions (9.0.8)
      Microsoft.Extensions.Configuration.Abstractions (>= 9.0.8)
      Microsoft.Extensions.Configuration.Binder (>= 9.0.8)
      Microsoft.Extensions.DependencyInjection.Abstractions (>= 9.0.8)
      Microsoft.Extensions.Options (>= 9.0.8)
      Microsoft.Extensions.Primitives (>= 9.0.8)
    Microsoft.Extensions.Primitives (9.0.8)
    Microsoft.IdentityModel.Abstractions (8.14)
    Microsoft.IdentityModel.JsonWebTokens (8.14)
      Microsoft.IdentityModel.Tokens (>= 8.14)
    Microsoft.IdentityModel.Logging (8.14)
      Microsoft.IdentityModel.Abstractions (>= 8.14)
    Microsoft.IdentityModel.Tokens (8.14)
      Microsoft.Extensions.Logging.Abstractions (>= 8.0)
      Microsoft.IdentityModel.Logging (>= 8.14)
    Microsoft.NETCore.Platforms (7.0.4)
    NETStandard.Library (2.0.3)
      Microsoft.NETCore.Platforms (>= 1.1)
    NLog (6.0.3)
    NLog.Extensions.Logging (6.0.3)
      Microsoft.Extensions.Configuration.Abstractions (>= 8.0)
      Microsoft.Extensions.Logging (>= 8.0)
      NLog (>= 6.0.3)
    Npgsql (9.0.3)
      Microsoft.Extensions.Logging.Abstractions (>= 8.0.2)
    Npgsql.EntityFrameworkCore.PostgreSQL (9.0.4)
      Microsoft.EntityFrameworkCore (>= 9.0.1 < 10.0)
      Microsoft.EntityFrameworkCore.Relational (>= 9.0.1 < 10.0)
      Npgsql (>= 9.0.3)
    System.CommandLine (2.0.0-beta6.25358.103)
    System.Diagnostics.DiagnosticSource (9.0.8)
    System.Diagnostics.EventLog (9.0.8)
    System.IO.Pipelines (9.0.8)
    System.Text.Encodings.Web (9.0.8)
    System.Text.Json (9.0.8)
      System.IO.Pipelines (>= 9.0.8)
      System.Text.Encodings.Web (>= 9.0.8)

GROUP DebugOnly
STORAGE: NONE
RESTRICTION: == net8.0
NUGET
  remote: https://api.nuget.org/v3/index.json
    Bogus (35.6.3)

GROUP EF-Design
STORAGE: NONE
RESTRICTION: == net8.0
NUGET
  remote: https://api.nuget.org/v3/index.json
    Humanizer.Core (2.14.1)
    Microsoft.Bcl.Cryptography (9.0.8)
      System.Formats.Asn1 (>= 9.0.8)
    Microsoft.Build (17.14.8)
    Microsoft.Build.Framework (17.14.8)
      Microsoft.Win32.Registry (>= 5.0)
      System.Diagnostics.DiagnosticSource (>= 9.0)
      System.Memory (>= 4.6)
      System.Runtime.CompilerServices.Unsafe (>= 6.1)
      System.Security.Principal.Windows (>= 5.0)
    Microsoft.Build.Locator (1.9.1)
    Microsoft.Build.Tasks.Core (17.14.8)
      Microsoft.Build.Framework (>= 17.14.8)
      Microsoft.Build.Utilities.Core (>= 17.14.8)
      Microsoft.NET.StringTools (>= 17.14.8)
      Microsoft.Win32.Registry (>= 5.0)
      System.CodeDom (>= 9.0)
      System.Collections.Immutable (>= 9.0)
      System.Configuration.ConfigurationManager (>= 9.0)
      System.Diagnostics.DiagnosticSource (>= 9.0)
      System.Formats.Asn1 (>= 9.0)
      System.Formats.Nrbf (>= 9.0)
      System.Memory (>= 4.6)
      System.Reflection.Metadata (>= 9.0)
      System.Resources.Extensions (>= 9.0)
      System.Runtime.CompilerServices.Unsafe (>= 6.1)
      System.Security.Cryptography.Pkcs (>= 9.0)
      System.Security.Cryptography.ProtectedData (>= 9.0)
      System.Security.Cryptography.Xml (>= 9.0)
      System.Security.Principal.Windows (>= 5.0)
      System.Text.Encoding.CodePages (>= 9.0)
      System.Threading.Tasks.Dataflow (>= 9.0)
    Microsoft.Build.Utilities.Core (17.14.8)
      Microsoft.Build.Framework (>= 17.14.8)
      Microsoft.NET.StringTools (>= 17.14.8)
      Microsoft.Win32.Registry (>= 5.0)
      System.Collections.Immutable (>= 9.0)
      System.Configuration.ConfigurationManager (>= 9.0)
      System.Diagnostics.DiagnosticSource (>= 9.0)
      System.Memory (>= 4.6)
      System.Runtime.CompilerServices.Unsafe (>= 6.1)
      System.Security.Cryptography.ProtectedData (>= 9.0)
      System.Security.Principal.Windows (>= 5.0)
      System.Text.Encoding.CodePages (>= 9.0)
    Microsoft.CodeAnalysis.Analyzers (4.14)
    Microsoft.CodeAnalysis.Common (4.14)
      Microsoft.CodeAnalysis.Analyzers (>= 3.11)
      System.Collections.Immutable (>= 9.0)
      System.Reflection.Metadata (>= 9.0)
    Microsoft.CodeAnalysis.CSharp (4.14)
      Microsoft.CodeAnalysis.Analyzers (>= 3.11)
      Microsoft.CodeAnalysis.Common (4.14)
      System.Collections.Immutable (>= 9.0)
      System.Reflection.Metadata (>= 9.0)
    Microsoft.CodeAnalysis.CSharp.Workspaces (4.14)
      Humanizer.Core (>= 2.14.1)
      Microsoft.CodeAnalysis.Analyzers (>= 3.11)
      Microsoft.CodeAnalysis.Common (4.14)
      Microsoft.CodeAnalysis.CSharp (4.14)
      Microsoft.CodeAnalysis.Workspaces.Common (4.14)
      System.Collections.Immutable (>= 9.0)
      System.Composition (>= 9.0)
      System.IO.Pipelines (>= 9.0)
      System.Reflection.Metadata (>= 9.0)
      System.Threading.Channels (>= 7.0)
    Microsoft.CodeAnalysis.Workspaces.Common (4.14)
      Humanizer.Core (>= 2.14.1)
      Microsoft.CodeAnalysis.Analyzers (>= 3.11)
      Microsoft.CodeAnalysis.Common (4.14)
      System.Collections.Immutable (>= 9.0)
      System.Composition (>= 9.0)
      System.IO.Pipelines (>= 9.0)
      System.Reflection.Metadata (>= 9.0)
      System.Threading.Channels (>= 7.0)
    Microsoft.CodeAnalysis.Workspaces.MSBuild (4.14)
      Humanizer.Core (>= 2.14.1)
      Microsoft.Build (>= 17.7.2)
      Microsoft.Build.Framework (>= 17.7.2)
      Microsoft.Build.Tasks.Core (>= 17.7.2)
      Microsoft.Build.Utilities.Core (>= 17.7.2)
      Microsoft.CodeAnalysis.Analyzers (>= 3.11)
      Microsoft.CodeAnalysis.Workspaces.Common (4.14)
      Microsoft.Extensions.DependencyInjection (>= 9.0)
      Microsoft.Extensions.Logging (>= 9.0)
      Microsoft.Extensions.Logging.Abstractions (>= 9.0)
      Microsoft.Extensions.Options (>= 9.0)
      Microsoft.Extensions.Primitives (>= 9.0)
      Newtonsoft.Json (>= 13.0.3)
      System.CodeDom (>= 7.0)
      System.Collections.Immutable (>= 9.0)
      System.Composition (>= 9.0)
      System.Configuration.ConfigurationManager (>= 9.0)
      System.Diagnostics.DiagnosticSource (>= 9.0)
      System.Diagnostics.EventLog (>= 9.0)
      System.IO.Pipelines (>= 9.0)
      System.Reflection.Metadata (>= 9.0)
      System.Resources.Extensions (>= 9.0)
      System.Security.Cryptography.Pkcs (>= 7.0.2)
      System.Security.Cryptography.ProtectedData (>= 9.0)
      System.Security.Cryptography.Xml (>= 7.0.1)
      System.Security.Permissions (>= 9.0)
      System.Text.Encodings.Web (>= 9.0)
      System.Text.Json (>= 9.0)
      System.Threading.Channels (>= 7.0)
      System.Threading.Tasks.Dataflow (>= 9.0)
      System.Windows.Extensions (>= 9.0)
    Microsoft.EntityFrameworkCore (9.0.8)
      Microsoft.EntityFrameworkCore.Abstractions (>= 9.0.8)
      Microsoft.EntityFrameworkCore.Analyzers (>= 9.0.8)
      Microsoft.Extensions.Caching.Memory (>= 9.0.8)
      Microsoft.Extensions.Logging (>= 9.0.8)
    Microsoft.EntityFrameworkCore.Abstractions (9.0.8)
    Microsoft.EntityFrameworkCore.Analyzers (9.0.8)
    Microsoft.EntityFrameworkCore.Design (9.0.8)
      Humanizer.Core (>= 2.14.1)
      Microsoft.Build.Framework (>= 17.8.3)
      Microsoft.Build.Locator (>= 1.7.8)
      Microsoft.CodeAnalysis.CSharp (>= 4.8)
      Microsoft.CodeAnalysis.CSharp.Workspaces (>= 4.8)
      Microsoft.CodeAnalysis.Workspaces.MSBuild (>= 4.8)
      Microsoft.EntityFrameworkCore.Relational (>= 9.0.8)
      Microsoft.Extensions.Caching.Memory (>= 9.0.8)
      Microsoft.Extensions.Configuration.Abstractions (>= 9.0.8)
      Microsoft.Extensions.DependencyModel (>= 9.0.8)
      Microsoft.Extensions.Logging (>= 9.0.8)
      Mono.TextTemplating (>= 3.0)
      System.Text.Json (>= 9.0.8)
    Microsoft.EntityFrameworkCore.Relational (9.0.8)
      Microsoft.EntityFrameworkCore (>= 9.0.8)
      Microsoft.Extensions.Caching.Memory (>= 9.0.8)
      Microsoft.Extensions.Configuration.Abstractions (>= 9.0.8)
      Microsoft.Extensions.Logging (>= 9.0.8)
    Microsoft.Extensions.Caching.Abstractions (9.0.8)
      Microsoft.Extensions.Primitives (>= 9.0.8)
    Microsoft.Extensions.Caching.Memory (9.0.8)
      Microsoft.Extensions.Caching.Abstractions (>= 9.0.8)
      Microsoft.Extensions.DependencyInjection.Abstractions (>= 9.0.8)
      Microsoft.Extensions.Logging.Abstractions (>= 9.0.8)
      Microsoft.Extensions.Options (>= 9.0.8)
      Microsoft.Extensions.Primitives (>= 9.0.8)
    Microsoft.Extensions.Configuration.Abstractions (9.0.8)
      Microsoft.Extensions.Primitives (>= 9.0.8)
    Microsoft.Extensions.DependencyInjection (9.0.8)
      Microsoft.Extensions.DependencyInjection.Abstractions (>= 9.0.8)
    Microsoft.Extensions.DependencyInjection.Abstractions (9.0.8)
    Microsoft.Extensions.DependencyModel (9.0.8)
      System.Text.Encodings.Web (>= 9.0.8)
      System.Text.Json (>= 9.0.8)
    Microsoft.Extensions.Logging (9.0.8)
      Microsoft.Extensions.DependencyInjection (>= 9.0.8)
      Microsoft.Extensions.Logging.Abstractions (>= 9.0.8)
      Microsoft.Extensions.Options (>= 9.0.8)
    Microsoft.Extensions.Logging.Abstractions (9.0.8)
      Microsoft.Extensions.DependencyInjection.Abstractions (>= 9.0.8)
      System.Diagnostics.DiagnosticSource (>= 9.0.8)
    Microsoft.Extensions.Options (9.0.8)
      Microsoft.Extensions.DependencyInjection.Abstractions (>= 9.0.8)
      Microsoft.Extensions.Primitives (>= 9.0.8)
    Microsoft.Extensions.Primitives (9.0.8)
    Microsoft.NET.StringTools (17.14.8)
      System.Memory (>= 4.6)
      System.Runtime.CompilerServices.Unsafe (>= 6.1)
    Microsoft.Win32.Registry (5.0)
      System.Security.AccessControl (>= 5.0)
      System.Security.Principal.Windows (>= 5.0)
    Mono.TextTemplating (3.0)
      System.CodeDom (>= 6.0)
    Newtonsoft.Json (13.0.3)
    System.CodeDom (9.0.8)
    System.Collections.Immutable (9.0.8)
    System.Composition (9.0.8)
      System.Composition.AttributedModel (>= 9.0.8)
      System.Composition.Convention (>= 9.0.8)
      System.Composition.Hosting (>= 9.0.8)
      System.Composition.Runtime (>= 9.0.8)
      System.Composition.TypedParts (>= 9.0.8)
    System.Composition.AttributedModel (9.0.8)
    System.Composition.Convention (9.0.8)
      System.Composition.AttributedModel (>= 9.0.8)
    System.Composition.Hosting (9.0.8)
      System.Composition.Runtime (>= 9.0.8)
    System.Composition.Runtime (9.0.8)
    System.Composition.TypedParts (9.0.8)
      System.Composition.AttributedModel (>= 9.0.8)
      System.Composition.Hosting (>= 9.0.8)
      System.Composition.Runtime (>= 9.0.8)
    System.Configuration.ConfigurationManager (9.0.8)
      System.Diagnostics.EventLog (>= 9.0.8)
      System.Security.Cryptography.ProtectedData (>= 9.0.8)
    System.Diagnostics.DiagnosticSource (9.0.8)
    System.Diagnostics.EventLog (9.0.8)
    System.Formats.Asn1 (9.0.8)
    System.Formats.Nrbf (9.0.8)
      System.Reflection.Metadata (>= 9.0.8)
    System.IO.Pipelines (9.0.8)
    System.Memory (4.6.3)
    System.Reflection.Metadata (9.0.8)
      System.Collections.Immutable (>= 9.0.8)
    System.Resources.Extensions (9.0.8)
      System.Formats.Nrbf (>= 9.0.8)
    System.Runtime.CompilerServices.Unsafe (6.1.2)
    System.Security.AccessControl (6.0.1)
    System.Security.Cryptography.Pkcs (9.0.8)
      Microsoft.Bcl.Cryptography (>= 9.0.8)
      System.Formats.Asn1 (>= 9.0.8)
    System.Security.Cryptography.ProtectedData (9.0.8)
    System.Security.Cryptography.Xml (9.0.8)
      Microsoft.Bcl.Cryptography (>= 9.0.8)
      System.Security.Cryptography.Pkcs (>= 9.0.8)
    System.Security.Permissions (9.0.8)
      System.Windows.Extensions (>= 9.0.8)
    System.Security.Principal.Windows (5.0)
    System.Text.Encoding.CodePages (9.0.8)
    System.Text.Encodings.Web (9.0.8)
    System.Text.Json (9.0.8)
      System.IO.Pipelines (>= 9.0.8)
      System.Text.Encodings.Web (>= 9.0.8)
    System.Threading.Channels (9.0.8)
    System.Threading.Tasks.Dataflow (9.0.8)
    System.Windows.Extensions (9.0.8)

GROUP Test
STORAGE: NONE
RESTRICTION: == net8.0
NUGET
  remote: https://api.nuget.org/v3/index.json
    coverlet.collector (6.0.4)
    Microsoft.AspNetCore.Mvc.Testing (8.0.19)
      Microsoft.AspNetCore.TestHost (>= 8.0.19)
      Microsoft.Extensions.DependencyModel (>= 8.0.2)
      Microsoft.Extensions.Hosting (>= 8.0.1)
    Microsoft.AspNetCore.TestHost (8.0.19)
      System.IO.Pipelines (>= 8.0)
    Microsoft.CodeCoverage (17.14.1)
    Microsoft.Extensions.Configuration (9.0.8)
      Microsoft.Extensions.Configuration.Abstractions (>= 9.0.8)
      Microsoft.Extensions.Primitives (>= 9.0.8)
    Microsoft.Extensions.Configuration.Abstractions (9.0.8)
      Microsoft.Extensions.Primitives (>= 9.0.8)
    Microsoft.Extensions.Configuration.Binder (9.0.8)
      Microsoft.Extensions.Configuration.Abstractions (>= 9.0.8)
    Microsoft.Extensions.Configuration.CommandLine (9.0.8)
      Microsoft.Extensions.Configuration (>= 9.0.8)
      Microsoft.Extensions.Configuration.Abstractions (>= 9.0.8)
    Microsoft.Extensions.Configuration.EnvironmentVariables (9.0.8)
      Microsoft.Extensions.Configuration (>= 9.0.8)
      Microsoft.Extensions.Configuration.Abstractions (>= 9.0.8)
    Microsoft.Extensions.Configuration.FileExtensions (9.0.8)
      Microsoft.Extensions.Configuration (>= 9.0.8)
      Microsoft.Extensions.Configuration.Abstractions (>= 9.0.8)
      Microsoft.Extensions.FileProviders.Abstractions (>= 9.0.8)
      Microsoft.Extensions.FileProviders.Physical (>= 9.0.8)
      Microsoft.Extensions.Primitives (>= 9.0.8)
    Microsoft.Extensions.Configuration.Json (9.0.8)
      Microsoft.Extensions.Configuration (>= 9.0.8)
      Microsoft.Extensions.Configuration.Abstractions (>= 9.0.8)
      Microsoft.Extensions.Configuration.FileExtensions (>= 9.0.8)
      Microsoft.Extensions.FileProviders.Abstractions (>= 9.0.8)
      System.Text.Json (>= 9.0.8)
    Microsoft.Extensions.Configuration.UserSecrets (9.0.8)
      Microsoft.Extensions.Configuration.Abstractions (>= 9.0.8)
      Microsoft.Extensions.Configuration.Json (>= 9.0.8)
      Microsoft.Extensions.FileProviders.Abstractions (>= 9.0.8)
      Microsoft.Extensions.FileProviders.Physical (>= 9.0.8)
    Microsoft.Extensions.DependencyInjection (9.0.8)
      Microsoft.Extensions.DependencyInjection.Abstractions (>= 9.0.8)
    Microsoft.Extensions.DependencyInjection.Abstractions (9.0.8)
    Microsoft.Extensions.DependencyModel (9.0.8)
      System.Text.Encodings.Web (>= 9.0.8)
      System.Text.Json (>= 9.0.8)
    Microsoft.Extensions.Diagnostics (9.0.8)
      Microsoft.Extensions.Configuration (>= 9.0.8)
      Microsoft.Extensions.Diagnostics.Abstractions (>= 9.0.8)
      Microsoft.Extensions.Options.ConfigurationExtensions (>= 9.0.8)
    Microsoft.Extensions.Diagnostics.Abstractions (9.0.8)
      Microsoft.Extensions.DependencyInjection.Abstractions (>= 9.0.8)
      Microsoft.Extensions.Options (>= 9.0.8)
      System.Diagnostics.DiagnosticSource (>= 9.0.8)
    Microsoft.Extensions.FileProviders.Abstractions (9.0.8)
      Microsoft.Extensions.Primitives (>= 9.0.8)
    Microsoft.Extensions.FileProviders.Physical (9.0.8)
      Microsoft.Extensions.FileProviders.Abstractions (>= 9.0.8)
      Microsoft.Extensions.FileSystemGlobbing (>= 9.0.8)
      Microsoft.Extensions.Primitives (>= 9.0.8)
    Microsoft.Extensions.FileSystemGlobbing (9.0.8)
    Microsoft.Extensions.Hosting (9.0.8)
      Microsoft.Extensions.Configuration (>= 9.0.8)
      Microsoft.Extensions.Configuration.Abstractions (>= 9.0.8)
      Microsoft.Extensions.Configuration.Binder (>= 9.0.8)
      Microsoft.Extensions.Configuration.CommandLine (>= 9.0.8)
      Microsoft.Extensions.Configuration.EnvironmentVariables (>= 9.0.8)
      Microsoft.Extensions.Configuration.FileExtensions (>= 9.0.8)
      Microsoft.Extensions.Configuration.Json (>= 9.0.8)
      Microsoft.Extensions.Configuration.UserSecrets (>= 9.0.8)
      Microsoft.Extensions.DependencyInjection (>= 9.0.8)
      Microsoft.Extensions.DependencyInjection.Abstractions (>= 9.0.8)
      Microsoft.Extensions.Diagnostics (>= 9.0.8)
      Microsoft.Extensions.FileProviders.Abstractions (>= 9.0.8)
      Microsoft.Extensions.FileProviders.Physical (>= 9.0.8)
      Microsoft.Extensions.Hosting.Abstractions (>= 9.0.8)
      Microsoft.Extensions.Logging (>= 9.0.8)
      Microsoft.Extensions.Logging.Abstractions (>= 9.0.8)
      Microsoft.Extensions.Logging.Configuration (>= 9.0.8)
      Microsoft.Extensions.Logging.Console (>= 9.0.8)
      Microsoft.Extensions.Logging.Debug (>= 9.0.8)
      Microsoft.Extensions.Logging.EventLog (>= 9.0.8)
      Microsoft.Extensions.Logging.EventSource (>= 9.0.8)
      Microsoft.Extensions.Options (>= 9.0.8)
    Microsoft.Extensions.Hosting.Abstractions (9.0.8)
      Microsoft.Extensions.Configuration.Abstractions (>= 9.0.8)
      Microsoft.Extensions.DependencyInjection.Abstractions (>= 9.0.8)
      Microsoft.Extensions.Diagnostics.Abstractions (>= 9.0.8)
      Microsoft.Extensions.FileProviders.Abstractions (>= 9.0.8)
      Microsoft.Extensions.Logging.Abstractions (>= 9.0.8)
    Microsoft.Extensions.Logging (9.0.8)
      Microsoft.Extensions.DependencyInjection (>= 9.0.8)
      Microsoft.Extensions.Logging.Abstractions (>= 9.0.8)
      Microsoft.Extensions.Options (>= 9.0.8)
    Microsoft.Extensions.Logging.Abstractions (9.0.8)
      Microsoft.Extensions.DependencyInjection.Abstractions (>= 9.0.8)
      System.Diagnostics.DiagnosticSource (>= 9.0.8)
    Microsoft.Extensions.Logging.Configuration (9.0.8)
      Microsoft.Extensions.Configuration (>= 9.0.8)
      Microsoft.Extensions.Configuration.Abstractions (>= 9.0.8)
      Microsoft.Extensions.Configuration.Binder (>= 9.0.8)
      Microsoft.Extensions.DependencyInjection.Abstractions (>= 9.0.8)
      Microsoft.Extensions.Logging (>= 9.0.8)
      Microsoft.Extensions.Logging.Abstractions (>= 9.0.8)
      Microsoft.Extensions.Options (>= 9.0.8)
      Microsoft.Extensions.Options.ConfigurationExtensions (>= 9.0.8)
    Microsoft.Extensions.Logging.Console (9.0.8)
      Microsoft.Extensions.DependencyInjection.Abstractions (>= 9.0.8)
      Microsoft.Extensions.Logging (>= 9.0.8)
      Microsoft.Extensions.Logging.Abstractions (>= 9.0.8)
      Microsoft.Extensions.Logging.Configuration (>= 9.0.8)
      Microsoft.Extensions.Options (>= 9.0.8)
      System.Text.Json (>= 9.0.8)
    Microsoft.Extensions.Logging.Debug (9.0.8)
      Microsoft.Extensions.DependencyInjection.Abstractions (>= 9.0.8)
      Microsoft.Extensions.Logging (>= 9.0.8)
      Microsoft.Extensions.Logging.Abstractions (>= 9.0.8)
    Microsoft.Extensions.Logging.EventLog (9.0.8)
      Microsoft.Extensions.DependencyInjection.Abstractions (>= 9.0.8)
      Microsoft.Extensions.Logging (>= 9.0.8)
      Microsoft.Extensions.Logging.Abstractions (>= 9.0.8)
      Microsoft.Extensions.Options (>= 9.0.8)
      System.Diagnostics.EventLog (>= 9.0.8)
    Microsoft.Extensions.Logging.EventSource (9.0.8)
      Microsoft.Extensions.DependencyInjection.Abstractions (>= 9.0.8)
      Microsoft.Extensions.Logging (>= 9.0.8)
      Microsoft.Extensions.Logging.Abstractions (>= 9.0.8)
      Microsoft.Extensions.Options (>= 9.0.8)
      Microsoft.Extensions.Primitives (>= 9.0.8)
      System.Text.Json (>= 9.0.8)
    Microsoft.Extensions.Options (9.0.8)
      Microsoft.Extensions.DependencyInjection.Abstractions (>= 9.0.8)
      Microsoft.Extensions.Primitives (>= 9.0.8)
    Microsoft.Extensions.Options.ConfigurationExtensions (9.0.8)
      Microsoft.Extensions.Configuration.Abstractions (>= 9.0.8)
      Microsoft.Extensions.Configuration.Binder (>= 9.0.8)
      Microsoft.Extensions.DependencyInjection.Abstractions (>= 9.0.8)
      Microsoft.Extensions.Options (>= 9.0.8)
      Microsoft.Extensions.Primitives (>= 9.0.8)
    Microsoft.Extensions.Primitives (9.0.8)
    Microsoft.NET.Test.Sdk (17.14.1)
      Microsoft.CodeCoverage (>= 17.14.1)
      Microsoft.TestPlatform.TestHost (>= 17.14.1)
    Microsoft.TestPlatform.ObjectModel (17.14.1)
      System.Reflection.Metadata (>= 8.0)
    Microsoft.TestPlatform.TestHost (17.14.1)
      Microsoft.TestPlatform.ObjectModel (>= 17.14.1)
      Newtonsoft.Json (>= 13.0.3)
    Newtonsoft.Json (13.0.3)
    System.Collections.Immutable (9.0.8)
    System.Diagnostics.DiagnosticSource (9.0.8)
    System.Diagnostics.EventLog (9.0.8)
    System.IO.Pipelines (9.0.8)
    System.Reflection.Metadata (9.0.8)
      System.Collections.Immutable (>= 9.0.8)
    System.Text.Encodings.Web (9.0.8)
    System.Text.Json (9.0.8)
      System.IO.Pipelines (>= 9.0.8)
      System.Text.Encodings.Web (>= 9.0.8)
    xunit (2.9.3)
      xunit.analyzers (>= 1.18)
      xunit.assert (>= 2.9.3)
      xunit.core (2.9.3)
    xunit.abstractions (2.0.3)
    xunit.analyzers (1.24)
    xunit.assert (2.9.3)
    xunit.core (2.9.3)
      xunit.extensibility.core (2.9.3)
      xunit.extensibility.execution (2.9.3)
    xunit.extensibility.core (2.9.3)
      xunit.abstractions (>= 2.0.3)
    xunit.extensibility.execution (2.9.3)
      xunit.extensibility.core (2.9.3)
    xunit.runner.visualstudio (3.1.4)
